GEM
  remote: http://rubygems.org/
  specs:
    addressable (2.2.6)
    albino (1.3.3)
      posix-spawn (>= 0.3.6)
    blankslate (2.1.2.4)
    chunky_png (1.2.5)
    classifier (1.3.3)
      fast-stemmer (>= 1.0.0)
    coffee-script (2.2.0)
      coffee-script-source
      execjs
    coffee-script-source (1.2.0)
    compass (0.11.7)
      chunky_png (~> 1.2)
      fssm (>= 0.2.7)
      sass (~> 3.1)
    directory_watcher (1.4.1)
    em-websocket (0.3.6)
      addressable (>= 2.1.1)
      eventmachine (>= 0.12.9)
    eventmachine (0.12.10)
    execjs (1.2.13)
      multi_json (~> 1.0)
    fast-stemmer (1.0.0)
    ffi (1.0.11)
    foreman (0.32.0)
      term-ansicolor (~> 1.0.5)
      thor (>= 0.13.6)
    fssm (0.2.8.1)
    guard (0.10.0)
      ffi (>= 0.5.0)
      thor (~> 0.14.6)
    guard-livereload (0.4.0)
      em-websocket (>= 0.2.0)
      guard (>= 0.10.0)
      multi_json (~> 1.0.3)
    hike (1.2.1)
    jekyll (0.11.2)
      albino (~> 1.3)
      classifier (~> 1.3)
      directory_watcher (~> 1.1)
      kramdown (~> 0.13)
      liquid (~> 2.3)
      maruku (~> 0.5)
    kramdown (0.13.4)
    liquid (2.3.0)
    maruku (0.6.0)
      syntax (>= 1.0.0)
    multi_json (1.0.4)
    posix-spawn (0.3.6)
    pygments.rb (0.2.4)
      rubypython (~> 0.5.3)
    rack (1.4.0)
    rake (0.9.2.2)
    rdiscount (1.6.8)
    rubypython (0.5.3)
      blankslate (>= 2.1.2.3)
      ffi (~> 1.0.7)
    sass (3.1.12)
    sprockets (2.2.0)
      hike (~> 1.2)
      multi_json (~> 1.0)
      rack (~> 1.0)
      tilt (~> 1.1, != 1.3.0)
    stringex (1.3.0)
    syntax (1.0.0)
    term-ansicolor (1.0.7)
    thor (0.14.6)
    tilt (1.3.3)

PLATFORMS
  ruby

DEPENDENCIES
  coffee-script
  compass
  foreman
  guard
  guard-livereload
  jekyll (~> 0.11.2)
  pygments.rb
  rake
  rdiscount
  sprockets (~> 2.0)
  stringex
